GEM
  remote: https://rubygems.org/
  specs:
    ethon (0.15.0)
      ffi (>= 1.15.0)
    ffi (1.15.5)
    onelogin (3.0.0.pre.alpha.1)
      typhoeus (~> 1.0, >= 1.0.1)
    thor (1.2.1)
    typhoeus (1.4.0)
      ethon (>= 0.9.0)

PLATFORMS
  x86_64-linux

DEPENDENCIES
  onelogin (~> 3.0.0.pre.alpha.1)
  thor

BUNDLED WITH
   2.3.19
